GEM
  remote: https://rubygems.org/
  specs:
    ansi (1.5.0)
    ast (2.0.0)
    charlock_holmes (0.7.3)
    coderay (1.1.0)
    method_source (0.8.2)
    mini_portile (0.6.2)
    nokogiri (1.6.6.2)
      mini_portile (~> 0.6.0)
    oga (1.0.3)
      ast
      ruby-ll (~> 2.1)
    ox (2.2.0)
    parallel (1.6.0)
    pry (0.10.1)
      coderay (~> 1.1.0)
      method_source (~> 0.8.1)
      slop (~> 3.4)
    ruby-ll (2.1.2)
      ansi
      ast
    sax-machine (1.3.2)
    slop (3.6.0)

PLATFORMS
  ruby

DEPENDENCIES
  charlock_holmes
  nokogiri
  oga
  ox
  parallel
  pry
  sax-machine

BUNDLED WITH
   1.10.4
